PATH
  remote: .
  specs:
    uuid (2.3.5)
      macaddr (~> 1.0)

GEM
  remote: http://rubygems.org/
  specs:
    macaddr (1.4.0)
      systemu (~> 2.2.0)
    mocha (0.9.12)
    rake (10.0)
    systemu (2.2.0)
    yard (0.6.7)

PLATFORMS
  ruby

DEPENDENCIES
  mocha
  rake
  uuid!
  yard
